GEM
  remote: http://rubygems.org/
  specs:
    addressable (2.2.7)
    coderay (1.0.5)
    faraday (0.7.6)
      addressable (~> 2.2)
      multipart-post (~> 1.1)
      rack (~> 1.1)
    geoloqi (0.9.39)
      faraday (>= 0.6.1)
      json
    json (1.6.6)
    kgio (2.7.4)
    method_source (0.7.1)
    mime-types (1.18)
    multipart-post (1.1.5)
    mysql2 (0.3.11)
    pry (0.9.8.4)
      coderay (~> 1.0.5)
      method_source (~> 0.7.1)
      slop (>= 2.4.4, < 3)
    pry-nav (0.2.0)
      pry (~> 0.9.8.1)
    puma (0.9.5)
      rack (>= 1.2, < 2.0)
    rack (1.4.1)
    rack-protection (1.2.0)
      rack
    rainbows (4.3.1)
      kgio (~> 2.5)
      rack (~> 1.1)
      unicorn (~> 4.1)
    raindrops (0.8.0)
    rest-client (1.6.7)
      mime-types (>= 1.16)
    sequel (3.33.0)
    shotgun (0.9)
      rack (>= 1.0)
    sinatra (1.3.2)
      rack (~> 1.3, >= 1.3.6)
      rack-protection (~> 1.2)
      tilt (~> 1.3, >= 1.3.3)
    slop (2.4.4)
    tilt (1.3.3)
    unicorn (4.2.0)
      kgio (~> 2.6)
      rack
      raindrops (~> 0.7)

PLATFORMS
  ruby

DEPENDENCIES
  geoloqi
  mysql2
  pry
  pry-nav
  puma
  rainbows
  rest-client
  sequel
  shotgun
  sinatra
