GEM
  specs:
    addressable (2.2.7)
    coderay (1.0.5)
    faraday (0.7.6)
      addressable (~> 2.2)
      multipart-post (~> 1.1)
      rack (~> 1.1)
    geoloqi (0.9.39)
      faraday (>= 0.6.1)
      json
    json (1.6.6)
    method_source (0.7.1)
    multipart-post (1.1.5)
    pry (0.9.8.4)
      coderay (~> 1.0.5)
      method_source (~> 0.7.1)
      slop (>= 2.4.4, < 3)
    puma (0.9.5)
      rack (>= 1.2, < 2.0)
    rack (1.4.1)
    rack-protection (1.2.0)
      rack
    shotgun (0.9)
      rack (>= 1.0)
    sinatra (1.3.2)
      rack (~> 1.3, >= 1.3.6)
      rack-protection (~> 1.2)
      tilt (~> 1.3, >= 1.3.3)
    sinatra-geoloqi (0.9.3)
      geoloqi (>= 0.9.36)
      sinatra (>= 1.0)
    slop (2.4.4)
    tilt (1.3.3)

PLATFORMS
  ruby

DEPENDENCIES
  pry
  puma
  shotgun
  sinatra
  sinatra-geoloqi
